GEM
  remote: http://rubygems.org/
  specs:
    ZenTest (4.4.0)
    abstract (1.0.0)
    actionmailer (3.0.1)
      actionpack (= 3.0.1)
      mail (~> 2.2.5)
    actionpack (3.0.1)
      activemodel (= 3.0.1)
      activesupport (= 3.0.1)
      builder (~> 2.1.2)
      erubis (~> 2.6.6)
      i18n (~> 0.4.1)
      rack (~> 1.2.1)
      rack-mount (~> 0.6.12)
      rack-test (~> 0.5.4)
      tzinfo (~> 0.3.23)
    activemodel (3.0.1)
      activesupport (= 3.0.1)
      builder (~> 2.1.2)
      i18n (~> 0.4.1)
    activerecord (3.0.1)
      activemodel (= 3.0.1)
      activesupport (= 3.0.1)
      arel (~> 1.0.0)
      tzinfo (~> 0.3.23)
    activerecord_null_object (0.2.0)
    activeresource (3.0.1)
      activemodel (= 3.0.1)
      activesupport (= 3.0.1)
    activesupport (3.0.1)
    arel (1.0.1)
      activesupport (~> 3.0.0)
    authlogic (2.1.6)
      activesupport
    authlogic-oid (1.0.4)
      authlogic
    autotest-rails (4.1.0)
      ZenTest
    builder (2.1.2)
    capistrano (2.5.19)
      highline
      net-scp (>= 1.0.0)
      net-sftp (>= 2.0.0)
      net-ssh (>= 2.0.14)
      net-ssh-gateway (>= 1.0.0)
    capistrano-ext (1.2.1)
      capistrano (>= 1.0.0)
    capistrano-helpers (0.5.7)
      capistrano (>= 2.0.0)
    capybara (0.3.9)
      culerity (>= 0.2.4)
      mime-types (>= 1.16)
      nokogiri (>= 1.3.3)
      rack (>= 1.0.0)
      rack-test (>= 0.5.4)
      selenium-webdriver (>= 0.0.3)
    capybara-envjs (0.1.6)
      capybara (>= 0.3.9)
      envjs (>= 0.3.7)
    childprocess (0.1.3)
      ffi (~> 0.6.3)
    columnize (0.3.1)
    compass (0.10.5)
      haml (>= 3.0.4)
    configuration (1.1.0)
    crack (0.1.8)
    culerity (0.2.12)
    diff-lcs (1.1.2)
    dnssd (1.3.1)
    envjs (0.3.8)
      johnson (>= 2.0.0.pre3)
    ephemeral_response (0.3.2)
    erubis (2.6.6)
      abstract (>= 1.0.0)
    eventmachine (0.12.10)
    faker (0.3.1)
    ffi (0.6.3)
      rake (>= 0.8.7)
    git (1.2.5)
    haml (3.0.22)
    highline (1.6.1)
    hoptoad_notifier (2.3.10)
      activesupport
      builder
    hpricot (0.8.2)
    httparty (0.6.1)
      crack (= 0.1.8)
    i18n (0.4.1)
    johnson (2.0.0.pre3)
      stackdeck (~> 0.2)
    json_pure (1.4.6)
    launchy (0.3.7)
      configuration (>= 0.0.5)
      rake (>= 0.8.1)
    linecache (0.43)
    machinist (1.0.6)
    mail (2.2.7)
      activesupport (>= 2.3.6)
      mime-types
      treetop (>= 1.4.5)
    mime-types (1.16)
    mocha (0.9.8)
      rake
    nested_set (1.5.2)
      activerecord (>= 3.0.0)
      railties (>= 3.0.0)
    net-scp (1.0.4)
      net-ssh (>= 1.99.1)
    net-sftp (2.0.5)
      net-ssh (>= 2.0.9)
    net-ssh (2.0.23)
    net-ssh-gateway (1.0.1)
      net-ssh (>= 1.99.1)
    newrelic_rpm (2.13.2)
    nokogiri (1.4.3.1)
    pg (0.9.0)
    polyglot (0.3.1)
    progressbar (0.9.0)
    rack (1.2.1)
    rack-mount (0.6.13)
      rack (>= 1.0.0)
    rack-openid (1.2.0)
      rack (>= 1.1.0)
      ruby-openid (>= 2.1.8)
    rack-test (0.5.6)
      rack (>= 1.0)
    rails (3.0.1)
      actionmailer (= 3.0.1)
      actionpack (= 3.0.1)
      activerecord (= 3.0.1)
      activeresource (= 3.0.1)
      activesupport (= 3.0.1)
      bundler (~> 1.0.0)
      railties (= 3.0.1)
    railties (3.0.1)
      actionpack (= 3.0.1)
      activesupport (= 3.0.1)
      rake (>= 0.8.4)
      thor (~> 0.14.0)
    rake (0.8.7)
    rest-client (1.3.0)
      mime-types (>= 1.16)
    roauth (0.0.3)
    rspec (2.0.1)
      rspec-core (~> 2.0.1)
      rspec-expectations (~> 2.0.1)
      rspec-mocks (~> 2.0.1)
    rspec-core (2.0.1)
    rspec-expectations (2.0.1)
      diff-lcs (>= 1.1.2)
    rspec-mocks (2.0.1)
      rspec-core (~> 2.0.1)
      rspec-expectations (~> 2.0.1)
    rspec-rails (2.0.1)
      rspec (~> 2.0.0)
    ruby-debug (0.10.3)
      columnize (>= 0.1)
      ruby-debug-base (~> 0.10.3.0)
    ruby-debug-base (0.10.3)
      linecache (>= 0.3)
    ruby-openid (2.1.8)
    rubyzip (0.9.4)
    selenium-webdriver (0.0.29)
      childprocess (>= 0.0.7)
      ffi (~> 0.6.3)
      json_pure
      rubyzip
    shoulda (2.11.3)
    specjour (0.2.5)
      dnssd (= 1.3.1)
      rspec
    stackdeck (0.2.0)
    thor (0.14.3)
    tinder (1.4.0)
      activesupport
      eventmachine
      httparty
      mime-types
      twitter-stream
    treetop (1.4.8)
      polyglot (>= 0.3.1)
    twitter-stream (0.1.10)
      eventmachine (>= 0.12.8)
      roauth (>= 0.0.2)
    tzinfo (0.3.23)
    unicorn (1.1.4)
      rack
    will_paginate (2.3.15)

PLATFORMS
  ruby

DEPENDENCIES
  ZenTest (= 4.4.0)
  activerecord_null_object (= 0.2.0)
  authlogic (= 2.1.6)
  authlogic-oid (= 1.0.4)
  autotest-rails (= 4.1.0)
  capistrano (= 2.5.19)
  capistrano-ext (= 1.2.1)
  capistrano-helpers (= 0.5.7)
  capybara (= 0.3.9)
  capybara-envjs (= 0.1.6)
  compass (= 0.10.5)
  ephemeral_response (= 0.3.2)
  faker (= 0.3.1)
  git (= 1.2.5)
  haml (= 3.0.22)
  hoptoad_notifier (= 2.3.10)
  hpricot (= 0.8.2)
  launchy (= 0.3.7)
  machinist (= 1.0.6)
  mocha (= 0.9.8)
  nested_set (= 1.5.2)
  newrelic_rpm (= 2.13.2)
  pg (= 0.9.0)
  progressbar (= 0.9.0)
  rack-openid (= 1.2.0)
  rails (= 3.0.1)
  rest-client (= 1.3.0)
  rspec (= 2.0.1)
  rspec-rails (= 2.0.1)
  ruby-debug (= 0.10.3)
  shoulda (= 2.11.3)
  specjour (= 0.2.5)
  tinder (= 1.4.0)
  unicorn (= 1.1.4)
  will_paginate (= 2.3.15)
